Brain Vision Data Exchange Header File Version 1.0
; Data created by the actiCHamp PyCorder

[Common Infos]
Codepage=UTF-8
DataFile=short_32chan_2.eeg
MarkerFile=short_32chan_2.vmrk
DataFormat=BINARY
; Data orientation: MULTIPLEXED=ch1,pt1, ch2,pt1 ...
DataOrientation=MULTIPLEXED
NumberOfChannels=32
; Sampling interval in microseconds
SamplingInterval=1000

[Binary Infos]
BinaryFormat=IEEE_FLOAT_32

[Channel Infos]
; Each entry: Ch<Channel number>=<Name>,<Reference channel name>,
; <Scaling factor in "Unit">,<Unit>, Future extensions..
; Fields are delimited by commas, some fields might be omitted (empty).
; Commas in channel names are coded as "\1".
Ch1=Fp1,,1.0,µV
Ch2=Fz,,1.0,µV
Ch3=F3,,1.0,µV
Ch4=F7,,1.0,µV
Ch5=FT9,,1.0,µV
Ch6=FC5,,1.0,µV
Ch7=FC1,,1.0,µV
Ch8=C3,,1.0,µV
Ch9=T7,,1.0,µV
Ch10=TP9,,1.0,µV
Ch11=CP5,,1.0,µV
Ch12=CP1,,1.0,µV
Ch13=Pz,,1.0,µV
Ch14=P3,,1.0,µV
Ch15=P7,,1.0,µV
Ch16=O1,,1.0,µV
Ch17=Oz,,1.0,µV
Ch18=O2,,1.0,µV
Ch19=P4,,1.0,µV
Ch20=P8,,1.0,µV
Ch21=TP10,,1.0,µV
Ch22=CP6,,1.0,µV
Ch23=CP2,,1.0,µV
Ch24=Cz,,1.0,µV
Ch25=C4,,1.0,µV
Ch26=T8,,1.0,µV
Ch27=FT10,,1.0,µV
Ch28=FC6,,1.0,µV
Ch29=FC2,,1.0,µV
Ch30=F4,,1.0,µV
Ch31=F8,,1.0,µV
Ch32=FP2,,1.0,µV

[Comment]
PyCorder V1.0.7

Amplifier
actiCHamp (5001) SN: 13070193
Module 1  (5010) SN: 13070400
Module 2  (5010) SN: 13070401
Module 3  (5010) SN: 13070394
Module 4  (5010) SN: 13070396
Module 5  n.a.
Version: DLL_22.13.11.14, DRV_03.04.01.146, CTRL_04.11.04.28, FPGA_44.00.00.00, DSP_06.11.05.25



Reference channel: none

Impedance [KOhm] at 18:29:45 (recording started at 18:33:46)
  1 Fp1: 0
  2 Fz: 0
  3 F3: 0
  4 F7: 4
  5 FT9: 1
  6 FC5: 0
  7 FC1: 1
  8 C3: 0
  9 T7: 2
 10 TP9: 2
 11 CP5: 0
 12 CP1: 0
 13 Pz: 0
 14 P3: 1
 15 P7: 0
 16 O1: 0
 17 Oz: 2
 18 O2: 4
 19 P4: 1
 20 P8: 3
 21 TP10: 2
 22 CP6: 5
 23 CP2: 1
 24 Cz: 0
 25 C4: 3
 26 T8: 2
 27 FT10: 2
 28 FC6: 1
 29 FC2: 0
 30 F4: 3
 31 F8: 3
 32 FP2: 1
GND: 1
